GEM
  remote: https://rubygems.org/
  specs:
    builder (3.2.2)
    excon (0.31.0)
    fog (1.19.0)
      builder
      excon (~> 0.31.0)
      formatador (~> 0.2.0)
      mime-types
      multi_json (~> 1.0)
      net-scp (~> 1.1)
      net-ssh (>= 2.1.3)
      nokogiri (~> 1.5)
      ruby-hmac
    formatador (0.2.4)
    json (1.8.1)
    microstatic (0.4.0)
      fog (>= 1)
      rainbow (>= 1.1)
      thor (>= 0.15)
    mime-types (2.0)
    mini_portile (0.5.2)
    multi_json (1.8.2)
    net-scp (1.1.2)
      net-ssh (>= 2.6.5)
    net-ssh (2.7.0)
    nokogiri (1.6.1)
      mini_portile (~> 0.5.0)
    rainbow (1.99.1)
    ruby-hmac (0.4.0)
    thor (0.18.1)

PLATFORMS
  ruby

DEPENDENCIES
  json
  microstatic
